PATH
  remote: .
  specs:
    optics-agent (0.4.2)
      faraday (~> 0.9, >= 0.9.2)
      google-protobuf (~> 3.1)
      graphql (~> 1.1)
      hitimes (~> 1.2, >= 1.2.4)
      net-http-persistent (~> 2.0, >= 2.0.0)

GEM
  remote: https://rubygems.org/
  specs:
    byebug (9.0.6)
    coderay (1.1.1)
    diff-lcs (1.2.5)
    faraday (0.9.2)
      multipart-post (>= 1.2, < 3)
    google-protobuf (3.1.0)
    graphql (1.2.3)
    hitimes (1.2.4)
    method_source (0.8.2)
    multipart-post (2.0.0)
    net-http-persistent (2.9.4)
    pry (0.10.4)
      coderay (~> 1.1.0)
      method_source (~> 0.8.1)
      slop (~> 3.4)
    pry-byebug (3.4.1)
      byebug (~> 9.0)
      pry (~> 0.10)
    rake (11.3.0)
    rspec (3.5.0)
      rspec-core (~> 3.5.0)
      rspec-expectations (~> 3.5.0)
      rspec-mocks (~> 3.5.0)
    rspec-core (3.5.4)
      rspec-support (~> 3.5.0)
    rspec-expectations (3.5.0)
      diff-lcs (>= 1.2.0, < 2.0)
      rspec-support (~> 3.5.0)
    rspec-mocks (3.5.0)
      diff-lcs (>= 1.2.0, < 2.0)
      rspec-support (~> 3.5.0)
    rspec-support (3.5.0)
    slop (3.6.0)

PLATFORMS
  ruby

DEPENDENCIES
  optics-agent!
  pry (~> 0.10.4)
  pry-byebug (~> 3.4.1)
  rake (~> 11.3.0)
  rspec (~> 3.5.0)

BUNDLED WITH
   1.13.6
